GEM
  remote: https://rubygems.org/
  specs:
    kramdown (1.7.0)
    mini_portile (0.6.2)
    nokogiri (1.6.6.2)
      mini_portile (~> 0.6.0)
    rmagick (2.15.0)

PLATFORMS
  ruby

DEPENDENCIES
  kramdown
  nokogiri
  rmagick
